GEM
  remote: http://rubygems.org/
  specs:
    bunny (0.7.9)
    json (2.3.0)
    json (2.3.0-java)
    rack (1.4.1)
    rack-protection (1.2.0)
      rack
    sinatra (1.3.2)
      rack (~> 1.3, >= 1.3.6)
      rack-protection (~> 1.2)
      tilt (~> 1.3, >= 1.3.3)
    tilt (1.3.3)

PLATFORMS
  java
  ruby

DEPENDENCIES
  bunny
  json
  sinatra
