GEM
  remote: http://rubygems.org/
  specs:
    bunny (0.7.9)
    json (1.6.5)
    json (1.6.5-java)
    mustermann (2.0.2)
      ruby2_keywords (~> 0.0.1)
    rack (2.2.4)
    rack-protection (2.2.3)
      rack
    ruby2_keywords (0.0.5)
    sinatra (2.2.3)
      mustermann (~> 2.0)
      rack (~> 2.2)
      rack-protection (= 2.2.3)
      tilt (~> 2.0)
    tilt (2.0.11)

PLATFORMS
  java
  ruby

DEPENDENCIES
  bunny
  json
  sinatra
